GEM
  remote: https://rubygems.org/
  specs:
    activemodel (4.0.2)
      activesupport (= 4.0.2)
      builder (~> 3.1.0)
    activesupport (4.0.2)
      i18n (~> 0.6, >= 0.6.4)
      minitest (~> 4.2)
      multi_json (~> 1.3)
      thread_safe (~> 0.1)
      tzinfo (~> 0.3.37)
    addressable (2.3.5)
    ansi (1.4.3)
    atomic (1.1.14)
    builder (3.1.4)
    crack (0.4.2)
      safe_yaml (~> 1.0.0)
    git (1.2.6)
    i18n (0.6.9)
    jeweler (1.6.4)
      bundler (~> 1.0)
      git (>= 1.2.5)
      rake
    json (1.8.1)
    mime-types (2.1)
    minitest (4.7.5)
    multi_json (1.8.4)
    rake (10.1.1)
    reek (1.2.13)
      ripper_ruby_parser (~> 0.0.7)
      ruby2ruby (~> 1.2.5)
      ruby_parser (~> 2.0)
      sexp_processor (~> 3.0)
    rest-client (1.6.7)
      mime-types (>= 1.16)
    ripper_ruby_parser (0.0.8)
      sexp_processor (~> 3.0)
    ruby2ruby (1.2.5)
      ruby_parser (~> 2.0)
      sexp_processor (~> 3.0)
    ruby_parser (2.3.1)
      sexp_processor (~> 3.0)
    safe_yaml (1.0.1)
    sexp_processor (3.2.0)
    thread_safe (0.1.3)
      atomic
    turn (0.9.6)
      ansi
    tzinfo (0.3.38)
    vcr (2.8.0)
    webmock (1.17.3)
      addressable (>= 2.2.7)
      crack (>= 0.3.2)

PLATFORMS
  ruby

DEPENDENCIES
  activemodel
  activesupport
  jeweler (~> 1.6.4)
  json
  reek (~> 1.2.8)
  rest-client
  turn
  vcr
  webmock
